PATH
  remote: .
  specs:
    predicate (1.0.0)
      path (~> 2.0)
      sexpr (~> 0.6.0)

GEM
  remote: https://rubygems.org/
  specs:
    diff-lcs (1.3)
    path (2.0.1)
    rake (10.5.0)
    rspec (3.7.0)
      rspec-core (~> 3.7.0)
      rspec-expectations (~> 3.7.0)
      rspec-mocks (~> 3.7.0)
    rspec-core (3.7.1)
      rspec-support (~> 3.7.0)
    rspec-expectations (3.7.0)
      diff-lcs (>= 1.2.0, < 2.0)
      rspec-support (~> 3.7.0)
    rspec-mocks (3.7.0)
      diff-lcs (>= 1.2.0, < 2.0)
      rspec-support (~> 3.7.0)
    rspec-support (3.7.1)
    sexpr (0.6.0)

PLATFORMS
  ruby

DEPENDENCIES
  predicate!
  rake (~> 10)
  rspec (~> 3.6)

BUNDLED WITH
   1.16.0
